GIT
  remote: https://github.com/jekyll/jekyll-archives.git
  revision: 8abff7701aa204f979ea588aa61f667923f9befd
  specs:
    jekyll-archives (2.1.0)
      jekyll (>= 2.4)

GEM
  remote: https://rubygems.org/
  specs:
    addressable (2.3.8)
    bourbon (4.2.6)
      sass (~> 3.4)
      thor (~> 0.19)
    capistrano (3.4.0)
      i18n
      rake (>= 10.0.0)
      sshkit (~> 1.3)
    capistrano-jekyll (0.1.0)
      capistrano (~> 3.0, >= 3.0.0)
    colorator (0.1)
    colored (1.2)
    colorize (0.7.7)
    ethon (0.8.0)
      ffi (>= 1.3.0)
    ffi (1.9.10)
    ffi (1.9.10-x64-mingw32)
    ffi (1.9.10-x86-mingw32)
    html-proofer (2.5.2)
      addressable (~> 2.3)
      colored (~> 1.2)
      mercenary (~> 0.3.2)
      nokogiri (~> 1.5)
      parallel (~> 1.3)
      typhoeus (~> 0.7)
      yell (~> 2.0)
    htmlentities (4.3.4)
    i18n (0.7.0)
    jekyll (3.0.0)
      colorator (~> 0.1)
      jekyll-sass-converter (~> 1.0)
      jekyll-watch (~> 1.1)
      kramdown (~> 1.3)
      liquid (~> 3.0)
      mercenary (~> 0.3.3)
      rouge (~> 1.7)
      safe_yaml (~> 1.0)
    jekyll-sass-converter (1.3.0)
      sass (~> 3.2)
    jekyll-sitemap (0.8.0)
    jekyll-watch (1.3.0)
      listen (~> 3.0)
    jekyll_frontmatter_tests (0.0.5)
      jekyll (>= 2.0, < 4.0)
    jekyll_pages_api (0.1.5)
      htmlentities (~> 4.3)
      jekyll (>= 2.0, < 4.0)
    kramdown (1.9.0)
    liquid (3.0.6)
    listen (3.0.3)
      rb-fsevent (>= 0.9.3)
      rb-inotify (>= 0.9)
    mercenary (0.3.5)
    mini_portile (0.6.2)
    net-scp (1.2.1)
      net-ssh (>= 2.6.5)
    net-ssh (3.0.1)
    nokogiri (1.6.6.3)
      mini_portile (~> 0.6.0)
    nokogiri (1.6.6.3-x64-mingw32)
      mini_portile (~> 0.6.0)
    nokogiri (1.6.6.3-x86-mingw32)
      mini_portile (~> 0.6.0)
    octopress (3.0.11)
      jekyll (>= 2.0)
      mercenary (~> 0.3.2)
      octopress-deploy
      octopress-escape-code (~> 2.0)
      octopress-hooks (~> 2.0)
      redcarpet (~> 3.0)
      titlecase
    octopress-deploy (1.3.0)
      colorator
    octopress-escape-code (2.0.6)
      octopress-hooks (~> 2.0)
    octopress-hooks (2.6.1)
      jekyll (>= 2.0)
    parallel (1.6.1)
    rake (10.4.2)
    rb-fsevent (0.9.6)
    rb-inotify (0.9.5)
      ffi (>= 0.5.0)
    redcarpet (3.3.2)
    rouge (1.10.1)
    safe_yaml (1.0.4)
    sass (3.4.19)
    sshkit (1.7.1)
      colorize (>= 0.7.0)
      net-scp (>= 1.1.2)
      net-ssh (>= 2.8.0)
    thor (0.19.1)
    titlecase (0.1.1)
    typhoeus (0.8.0)
      ethon (>= 0.8.0)
    yell (2.0.5)

PLATFORMS
  ruby
  x64-mingw32
  x86-mingw32

DEPENDENCIES
  bourbon
  capistrano-jekyll
  html-proofer
  jekyll (~> 3.0)
  jekyll-archives!
  jekyll-sitemap
  jekyll_frontmatter_tests
  jekyll_pages_api
  octopress (~> 3.0)

BUNDLED WITH
   1.10.6
